GEM
  remote: https://rubygems.org/
  specs:
    benchmark-ips (2.7.2)
    benchmark-perf (0.2.1)
    diff-lcs (1.3)
    rspec (3.7.0)
      rspec-core (~> 3.7.0)
      rspec-expectations (~> 3.7.0)
      rspec-mocks (~> 3.7.0)
    rspec-benchmark (0.3.0)
      benchmark-perf (~> 0.2.0)
      rspec (>= 3.0.0, < 4.0.0)
    rspec-core (3.7.0)
      rspec-support (~> 3.7.0)
    rspec-expectations (3.7.0)
      diff-lcs (>= 1.2.0, < 2.0)
      rspec-support (~> 3.7.0)
    rspec-mocks (3.7.0)
      diff-lcs (>= 1.2.0, < 2.0)
      rspec-support (~> 3.7.0)
    rspec-support (3.7.0)

PLATFORMS
  ruby

DEPENDENCIES
  benchmark-ips
  rspec (~> 3.0)
  rspec-benchmark

BUNDLED WITH
   1.16.0.pre.3
